GIT
  remote: git://github.com/digitalmoksha/preferences.git
  revision: 5dbda1dc48dc3887ccdac2e0cce73d60bb8e8161
  specs:
    preferences (0.5.4)

GIT
  remote: git://github.com/digitalmoksha/rails-bootstrap-helpers.git
  revision: 98bc0458f864be3f21f1a53f1a265b15f9e0e883
  specs:
    rails-bootstrap-helpers (0.1.0)
      rails (>= 3.2.11)

GIT
  remote: git://github.com/digitalmoksha/themes_for_rails.git
  revision: a104e52fd8a7b5c42bd9d689b753390c54f2593f
  specs:
    themes_for_rails (0.5.2)
      rails (>= 3.2.0)

PATH
  remote: /Users/walkerbl/Sites/In_Development/_github/_moksha_gems/admin_theme_londinium
  specs:
    admin_theme_londinium (0.0.1)
      rails (~> 4.0)

PATH
  remote: /Users/walkerbl/Sites/In_Development/_github/_moksha_gems/dm_admin
  specs:
    dm_admin (0.0.1)
      rails (~> 4.0)

PATH
  remote: /Users/walkerbl/Sites/In_Development/_github/_moksha_gems/dm_cms
  specs:
    dm_cms (0.4.0)
      mail_form (~> 1.5.0)
      meta-tags-helpers (~> 0.2.0)
      rails (~> 4.0)

PATH
  remote: /Users/walkerbl/Sites/In_Development/_github/_moksha_gems/dm_core
  specs:
    dm_core (0.4.0)
      RedCloth (~> 4.2.9)
      aasm (~> 3.3.1)
      actionview-encoded_mail_to
      acts-as-taggable-on (~> 3.3)
      acts_as_commentable (~> 4.0.1)
      acts_as_follower (~> 0.2.1)
      acts_as_votable (~> 0.10.0)
      amoeba (~> 2.0)
      ancestry (~> 2.1.0)
      aws-sdk (~> 1.49)
      babosa (~> 0.3)
      biggs (~> 0.3.3)
      cancancan (~> 1.9)
      carrierwave (~> 0.10.0)
      codemirror-rails (~> 4.2)
      country_select (~> 1.3.1)
      devise (~> 3.2.4)
      exception_notification (= 4.0.1)
      friendly_id (~> 5.0.4)
      globalize (= 4.0.1)
      kramdown (~> 1.4.0)
      liquid (~> 2.6.1)
      mini_magick (~> 3.8.0)
      money-rails (~> 0.12.0)
      paper_trail (~> 3.0.3)
      rails (~> 4.0)
      ranked-model (~> 0.4.0)
      rolify (~> 3.4.0)
      sanitize (~> 3.0.0)
      simple_form (~> 3.1.0.rc2)
      will_paginate (~> 3.0.7)

PATH
  remote: /Users/walkerbl/Sites/In_Development/_github/_moksha_gems/dm_ruby_extensions
  specs:
    dm_ruby_extensions (0.0.2)

GEM
  remote: https://rubygems.org/
  specs:
    RedCloth (4.2.9)
    aasm (3.3.3)
    actionmailer (4.1.5)
      actionpack (= 4.1.5)
      actionview (= 4.1.5)
      mail (~> 2.5.4)
    actionpack (4.1.5)
      actionview (= 4.1.5)
      activesupport (= 4.1.5)
      rack (~> 1.5.2)
      rack-test (~> 0.6.2)
    actionview (4.1.5)
      activesupport (= 4.1.5)
      builder (~> 3.1)
      erubis (~> 2.7.0)
    actionview-encoded_mail_to (1.0.4)
      rails
    activemodel (4.1.5)
      activesupport (= 4.1.5)
      builder (~> 3.1)
    activerecord (4.1.5)
      activemodel (= 4.1.5)
      activesupport (= 4.1.5)
      arel (~> 5.0.0)
    activesupport (4.1.5)
      i18n (~> 0.6, >= 0.6.9)
      json (~> 1.7, >= 1.7.7)
      minitest (~> 5.1)
      thread_safe (~> 0.1)
      tzinfo (~> 1.1)
    acts-as-taggable-on (3.3.0)
      activerecord (>= 3, < 5)
    acts_as_commentable (4.0.1)
    acts_as_follower (0.2.1)
    acts_as_votable (0.10.0)
    addressable (2.3.6)
    amoeba (2.0.0)
      activerecord (>= 3.0)
    ancestry (2.1.0)
      activerecord (>= 3.0.0)
    arel (5.0.1.20140414130214)
    aws-sdk (1.52.0)
      aws-sdk-v1 (= 1.52.0)
    aws-sdk-v1 (1.52.0)
      json (~> 1.4)
      nokogiri (>= 1.4.4)
    babosa (0.3.11)
    bcrypt (3.1.7)
    better_errors (1.1.0)
      coderay (>= 1.0.0)
      erubis (>= 2.6.6)
    biggs (0.3.3)
      activerecord (>= 3.0)
    binding_of_caller (0.7.2)
      debug_inspector (>= 0.0.1)
    bootstrap-sass (3.2.0.1)
      sass (~> 3.2)
    builder (3.2.2)
    byebug (3.2.0)
      columnize (~> 0.8)
      debugger-linecache (~> 1.2)
    callsite (0.0.11)
    cancancan (1.9.2)
    capistrano (3.2.1)
      i18n
      rake (>= 10.0.0)
      sshkit (~> 1.3)
    capistrano-bundler (1.1.3)
      capistrano (~> 3.1)
      sshkit (~> 1.2)
    capistrano-rails (1.1.1)
      capistrano (~> 3.1)
      capistrano-bundler (~> 1.1)
    capybara (2.4.1)
      mime-types (>= 1.16)
      nokogiri (>= 1.3.3)
      rack (>= 1.0.0)
      rack-test (>= 0.5.4)
      xpath (~> 2.0)
    carrierwave (0.10.0)
      activemodel (>= 3.2.0)
      activesupport (>= 3.2.0)
      json (>= 1.7)
      mime-types (>= 1.16)
    chronic (0.10.2)
    codemirror-rails (4.5)
      railties (>= 3.0, < 5)
    coderay (1.1.0)
    coffee-rails (4.0.1)
      coffee-script (>= 2.2.0)
      railties (>= 4.0.0, < 5.0)
    coffee-script (2.3.0)
      coffee-script-source
      execjs
    coffee-script-source (1.7.1)
    colorize (0.7.3)
    columnize (0.8.9)
    countries (0.9.3)
      currencies (~> 0.4.2)
    country_select (1.3.1)
      countries (= 0.9.3)
    crass (0.2.1)
    currencies (0.4.2)
    daemons (1.1.9)
    database_cleaner (1.0.1)
    debug_inspector (0.0.2)
    debugger-linecache (1.2.0)
    devise (3.2.4)
      bcrypt (~> 3.0)
      orm_adapter (~> 0.1)
      railties (>= 3.2.6, < 5)
      thread_safe (~> 0.1)
      warden (~> 1.2.3)
    diff-lcs (1.2.5)
    erubis (2.7.0)
    eventmachine (1.0.3)
    exception_notification (4.0.1)
      actionmailer (>= 3.0.4)
      activesupport (>= 3.0.4)
    execjs (2.2.1)
    factory_girl (4.4.0)
      activesupport (>= 3.0.0)
    factory_girl_rails (4.4.1)
      factory_girl (~> 4.4.0)
      railties (>= 3.0.0)
    faker (1.4.3)
      i18n (~> 0.5)
    friendly_id (5.0.4)
      activerecord (>= 4.0.0)
    globalize (4.0.1)
      activemodel (>= 4.0.0, < 5)
      activerecord (>= 4.0.0, < 5)
    hike (1.2.3)
    i18n (0.6.11)
    jbuilder (2.1.3)
      activesupport (>= 3.0.0, < 5)
      multi_json (~> 1.2)
    jquery-rails (3.1.1)
      railties (>= 3.0, < 5.0)
      thor (>= 0.14, < 2.0)
    jquery-ui-rails (5.0.0)
      railties (>= 3.2.16)
    json (1.8.1)
    kramdown (1.4.1)
    launchy (2.4.2)
      addressable (~> 2.3)
    libv8 (3.16.14.3)
    liquid (2.6.1)
    macaddr (1.7.1)
      systemu (~> 2.6.2)
    mail (2.5.4)
      mime-types (~> 1.16)
      treetop (~> 1.4.8)
    mail_form (1.5.0)
      actionmailer (>= 3.2, < 5)
      activemodel (>= 3.2, < 5)
    meta-tags-helpers (0.2.0)
      rails (> 3)
    meta_request (0.3.4)
      callsite (~> 0.0, >= 0.0.11)
      rack-contrib (~> 1.1)
      railties (>= 3.0.0, < 5.0.0)
    mime-types (1.25.1)
    mini_magick (3.8.0)
      subexec (~> 0.2.1)
    mini_portile (0.6.0)
    minitest (5.4.0)
    monetize (0.3.0)
      money (~> 6.1.0.beta1)
    money (6.1.1)
      i18n (~> 0.6.4)
    money-rails (0.12.0)
      activesupport (>= 3.0)
      monetize (~> 0.3.0)
      money (~> 6.1.1)
      railties (>= 3.0)
    multi_json (1.10.1)
    mysql2 (0.3.16)
    net-scp (1.2.1)
      net-ssh (>= 2.6.5)
    net-ssh (2.9.1)
    nokogiri (1.6.3.1)
      mini_portile (= 0.6.0)
    nokogumbo (1.1.9)
      nokogiri
    non-stupid-digest-assets (1.0.4)
    orm_adapter (0.5.0)
    paper_trail (3.0.3)
      activerecord (>= 3.0, < 5.0)
      activesupport (>= 3.0, < 5.0)
    polyglot (0.3.5)
    quiet_assets (1.0.3)
      railties (>= 3.1, < 5.0)
    rack (1.5.2)
    rack-contrib (1.1.0)
      rack (>= 0.9.1)
    rack-test (0.6.2)
      rack (>= 1.0)
    rails (4.1.5)
      actionmailer (= 4.1.5)
      actionpack (= 4.1.5)
      actionview (= 4.1.5)
      activemodel (= 4.1.5)
      activerecord (= 4.1.5)
      activesupport (= 4.1.5)
      bundler (>= 1.3.0, < 2.0)
      railties (= 4.1.5)
      sprockets-rails (~> 2.0)
    railties (4.1.5)
      actionpack (= 4.1.5)
      activesupport (= 4.1.5)
      rake (>= 0.8.7)
      thor (>= 0.18.1, < 2.0)
    rake (10.3.2)
    ranked-model (0.4.0)
      activerecord (>= 3.1.12)
    rdoc (4.1.1)
      json (~> 1.4)
    ref (1.0.5)
    rolify (3.4.0)
    rspec-core (3.0.4)
      rspec-support (~> 3.0.0)
    rspec-expectations (3.0.4)
      diff-lcs (>= 1.2.0, < 2.0)
      rspec-support (~> 3.0.0)
    rspec-mocks (3.0.4)
      rspec-support (~> 3.0.0)
    rspec-rails (3.0.2)
      actionpack (>= 3.0)
      activesupport (>= 3.0)
      railties (>= 3.0)
      rspec-core (~> 3.0.0)
      rspec-expectations (~> 3.0.0)
      rspec-mocks (~> 3.0.0)
      rspec-support (~> 3.0.0)
    rspec-support (3.0.4)
    ruby-growl (4.1)
      uuid (~> 2.3, >= 2.3.5)
    sanitize (3.0.0)
      crass (~> 0.2.0)
      nokogiri (>= 1.4.4)
      nokogumbo (= 1.1.9)
    sass (3.2.19)
    sass-rails (4.0.3)
      railties (>= 4.0.0, < 5.0)
      sass (~> 3.2.0)
      sprockets (~> 2.8, <= 2.11.0)
      sprockets-rails (~> 2.0)
    sdoc (0.4.1)
      json (~> 1.7, >= 1.7.7)
      rdoc (~> 4.0)
    simple_form (3.1.0.rc2)
      actionpack (~> 4.0)
      activemodel (~> 4.0)
    spring (1.1.3)
    sprockets (2.11.0)
      hike (~> 1.2)
      multi_json (~> 1.0)
      rack (~> 1.0)
      tilt (~> 1.1, != 1.3.0)
    sprockets-rails (2.1.3)
      actionpack (>= 3.0)
      activesupport (>= 3.0)
      sprockets (~> 2.8)
    sshkit (1.5.1)
      colorize
      net-scp (>= 1.1.2)
      net-ssh (>= 2.8.0)
    subexec (0.2.3)
    systemu (2.6.4)
    therubyracer (0.12.1)
      libv8 (~> 3.16.14.0)
      ref
    thin (1.6.2)
      daemons (>= 1.0.9)
      eventmachine (>= 1.0.0)
      rack (>= 1.0.0)
    thor (0.19.1)
    thread_safe (0.3.4)
    tilt (1.4.1)
    treetop (1.4.15)
      polyglot
      polyglot (>= 0.3.1)
    tzinfo (1.2.2)
      thread_safe (~> 0.1)
    uglifier (2.5.3)
      execjs (>= 0.3.0)
      json (>= 1.8.0)
    uuid (2.3.7)
      macaddr (~> 1.0)
    warden (1.2.3)
      rack (>= 1.0)
    whenever (0.9.2)
      activesupport (>= 2.3.4)
      chronic (>= 0.6.3)
    will_paginate (3.0.7)
    xpath (2.0.0)
      nokogiri (~> 1.3)

PLATFORMS
  ruby

DEPENDENCIES
  admin_theme_londinium!
  bcrypt (~> 3.1.7)
  better_errors (~> 1.1.0)
  binding_of_caller
  bootstrap-sass (~> 3.2.0)
  byebug
  capistrano (~> 3.2.1)
  capistrano-rails (~> 1.1.1)
  capybara (~> 2.4.1)
  coffee-rails (~> 4.0.1)
  database_cleaner (~> 1.0.1)
  dm_admin!
  dm_cms!
  dm_core!
  dm_ruby_extensions!
  factory_girl_rails (~> 4.4.1)
  faker (~> 1.4.2)
  jbuilder (~> 2.1.2)
  jquery-rails
  jquery-ui-rails
  launchy (~> 2.4.2)
  meta_request
  mysql2 (>= 0.3.15)
  non-stupid-digest-assets
  preferences!
  quiet_assets
  rails (= 4.1.5)
  rails-bootstrap-helpers!
  rspec-rails (~> 3.0.2)
  ruby-growl (~> 4.1)
  sass-rails (~> 4.0.3)
  sdoc (~> 0.4.0)
  spring
  themes_for_rails!
  therubyracer
  thin
  uglifier (>= 1.3.0)
  whenever (~> 0.9.2)
